GEM
  remote: http://rubygems.org/
  specs:
    coffee-script (2.2.0)
      coffee-script-source
      execjs
    coffee-script-source (1.1.2)
    execjs (1.2.4)
      multi_json (~> 1.0)
    guard (0.5.1)
      thor (~> 0.14.6)
    guard-coffeescript (0.3.2)
      coffee-script (>= 2.2.0)
      guard (>= 0.4)
    haml (3.1.2)
    hpricot (0.8.4)
    json (1.5.3)
    multi_json (1.0.3)
    rack (1.3.2)
    sass (3.1.7)
    sinatra (1.2.6)
      rack (~> 1.1)
      tilt (>= 1.2.2, < 2.0)
    sinatra-respond_to (0.7.0)
      sinatra (~> 1.2)
    thor (0.14.6)
    tilt (1.3.2)

PLATFORMS
  ruby

DEPENDENCIES
  coffee-script
  guard
  guard-coffeescript
  haml
  hpricot
  json
  sass
  sinatra
  sinatra-respond_to
